GIT
  remote: git://github.com/edenspiekermann/compass-html5-boilerplate.git
  revision: e415a36afe3d5240a46d48d0c7529b92b54d09bf
  branch: padrino
  specs:
    html5-boilerplate (1.0.0)
      compass (>= 0.11.1)

GEM
  remote: https://rubygems.org/
  specs:
    activesupport (3.2.12)
      i18n (~> 0.6)
      multi_json (~> 1.0)
    addressable (2.3.3)
    builder (3.2.0)
    chunky_png (1.2.7)
    coffee-script (2.2.0)
      coffee-script-source
      execjs
    coffee-script-source (1.3.3)
    compass (0.12.2)
      chunky_png (~> 1.2)
      fssm (>= 0.2.7)
      sass (~> 3.1)
    excon (0.15.5)
    execjs (1.4.0)
      multi_json (~> 1.0)
    ffi (1.4.0)
    fssm (0.2.10)
    haml (4.0.3)
      tilt
    heroku (2.26.6)
      heroku-api (~> 0.2.4)
      launchy (>= 0.3.2)
      netrc (~> 0.7.2)
      rest-client (~> 1.6.1)
      rubyzip
    heroku-api (0.2.13)
      excon (~> 0.15.4)
    heroku_san (3.0.2)
      activesupport
      heroku (>= 2)
      heroku-api (>= 0.1.2)
      rake
    hike (1.2.3)
    i18n (0.6.4)
    icalendar (1.2.2)
    kramdown (1.1.0)
    launchy (2.2.0)
      addressable (~> 2.3)
    listen (1.2.3)
      rb-fsevent (>= 0.9.3)
      rb-inotify (>= 0.9)
      rb-kqueue (>= 0.2)
    middleman (3.1.5)
      coffee-script (~> 2.2.0)
      compass (>= 0.12.2)
      execjs (~> 1.4.0)
      haml (>= 3.1.6)
      kramdown (~> 1.1.0)
      middleman-core (= 3.1.5)
      middleman-more (= 3.1.5)
      middleman-sprockets (>= 3.1.2)
      sass (>= 3.1.20)
      uglifier (~> 2.1.0)
    middleman-core (3.1.5)
      activesupport (~> 3.2.6)
      bundler (~> 1.1)
      i18n (~> 0.6.1)
      listen (~> 1.2.2)
      rack (>= 1.4.5)
      rack-test (~> 0.6.1)
      thor (>= 0.15.2, < 2.0)
      tilt (~> 1.3.6)
    middleman-more (3.1.5)
    middleman-sprockets (3.1.4)
      middleman-core (>= 3.0.14)
      middleman-more (>= 3.0.14)
      sprockets (~> 2.1)
      sprockets-helpers (~> 1.0.0)
      sprockets-sass (~> 1.0.0)
    mime-types (1.21)
    mini_portile (0.6.2)
    multi_json (1.6.1)
    netrc (0.7.7)
    nokogiri (1.6.6.2)
      mini_portile (~> 0.6.0)
    posix-spawn (0.3.6)
    puma (1.6.3)
      rack (~> 1.2)
    pygments.rb (0.4.2)
      posix-spawn (~> 0.3.6)
      yajl-ruby (~> 1.1.0)
    rack (1.4.5)
    rack-contrib (1.1.0)
      rack (>= 0.9.1)
    rack-rewrite (1.3.3)
    rack-test (0.6.2)
      rack (>= 1.0)
    rake (10.0.3)
    rb-fsevent (0.9.3)
    rb-inotify (0.9.0)
      ffi (>= 0.5.0)
    rb-kqueue (0.2.0)
      ffi (>= 0.5.0)
    redcarpet (2.2.2)
    rest-client (1.6.7)
      mime-types (>= 1.16)
    rubyzip (0.9.9)
    sass (3.2.6)
    sitemap_generator (3.4)
      builder
    sprockets (2.10.0)
      hike (~> 1.2)
      multi_json (~> 1.0)
      rack (~> 1.0)
      tilt (~> 1.1, != 1.3.0)
    sprockets-helpers (1.0.1)
      sprockets (~> 2.0)
    sprockets-sass (1.0.2)
      sprockets (~> 2.0)
      tilt (~> 1.1)
    thor (0.18.1)
    tilt (1.3.7)
    uglifier (2.1.2)
      execjs (>= 0.3.0)
      multi_json (~> 1.0, >= 1.0.2)
    yajl-ruby (1.1.0)
    zurb-foundation (4.0.5)
      sass (>= 3.2.0)

PLATFORMS
  ruby

DEPENDENCIES
  builder
  coffee-script
  heroku (= 2.26.6)
  heroku_san (= 3.0.2)
  html5-boilerplate!
  icalendar
  middleman (~> 3.1.0)
  nokogiri
  puma (~> 1.6.3)
  pygments.rb
  rack-contrib
  rack-rewrite
  rake (~> 10.0.3)
  rb-inotify (~> 0.9)
  redcarpet
  sass (~> 3.2.5)
  sitemap_generator
  zurb-foundation (~> 4.0.5)

BUNDLED WITH
   1.10.6
