GIT
  remote: https://github.com/edenspiekermann/compass-html5-boilerplate.git
  revision: e415a36afe3d5240a46d48d0c7529b92b54d09bf
  branch: padrino
  specs:
    html5-boilerplate (1.0.0)
      compass (>= 0.11.1)

GEM
  remote: https://rubygems.org/
  specs:
    activesupport (3.2.22.5)
      i18n (~> 0.6, >= 0.6.4)
      multi_json (~> 1.0)
    builder (3.2.3)
    chunky_png (1.3.10)
    coffee-script (2.2.0)
      coffee-script-source
      execjs
    coffee-script-source (1.12.2)
    compass (0.12.7)
      chunky_png (~> 1.2)
      fssm (>= 0.2.7)
      sass (~> 3.2.19)
    execjs (1.4.1)
      multi_json (~> 1.0)
    ffi (1.9.21)
    fssm (0.2.10)
    haml (5.0.4)
      temple (>= 0.8.0)
      tilt
    hike (1.2.3)
    i18n (0.6.11)
    icalendar (2.4.1)
    json (2.1.0)
    kramdown (1.16.2)
    listen (1.3.1)
      rb-fsevent (>= 0.9.3)
      rb-inotify (>= 0.9)
      rb-kqueue (>= 0.2)
    middleman (3.2.2)
      coffee-script (~> 2.2.0)
      compass (>= 0.12.2)
      execjs (~> 1.4.0)
      haml (>= 3.1.6)
      kramdown (~> 1.2)
      middleman-core (= 3.2.2)
      middleman-sprockets (>= 3.1.2)
      sass (>= 3.1.20)
      uglifier (~> 2.4.0)
    middleman-core (3.2.2)
      activesupport (~> 3.2.6)
      bundler (~> 1.1)
      i18n (~> 0.6.9)
      listen (~> 1.1)
      rack (>= 1.4.5)
      rack-test (~> 0.6.1)
      thor (>= 0.15.2, < 2.0)
      tilt (~> 1.4.1)
    middleman-deploy (1.0.0)
      middleman-core (>= 3.2)
      net-sftp
      ptools
    middleman-sprockets (3.3.3)
      middleman-core (>= 3.2)
      sprockets (~> 2.2)
      sprockets-helpers (~> 1.1.0)
      sprockets-sass (~> 1.1.0)
    mini_portile2 (2.3.0)
    multi_json (1.13.1)
    net-sftp (2.1.2)
      net-ssh (>= 2.6.5)
    net-ssh (4.2.0)
    nokogiri (1.8.2)
      mini_portile2 (~> 2.3.0)
    ptools (1.3.5)
    puma (1.6.3)
      rack (~> 1.2)
    pygments.rb (1.2.1)
      multi_json (>= 1.0.0)
    rack (1.6.8)
    rack-contrib (1.8.0)
      rack (~> 1.4)
    rack-rewrite (1.5.1)
    rack-test (0.6.3)
      rack (>= 1.0)
    rake (10.0.4)
    rb-fsevent (0.10.2)
    rb-inotify (0.9.10)
      ffi (>= 0.5.0, < 2)
    rb-kqueue (0.2.5)
      ffi (>= 0.5.0)
    redcarpet (3.4.0)
    sass (3.2.19)
    sitemap_generator (6.0.1)
      builder (~> 3.0)
    sprockets (2.12.4)
      hike (~> 1.2)
      multi_json (~> 1.0)
      rack (~> 1.0)
      tilt (~> 1.1, != 1.3.0)
    sprockets-helpers (1.1.0)
      sprockets (~> 2.0)
    sprockets-sass (1.1.0)
      sprockets (~> 2.0)
      tilt (~> 1.1)
    temple (0.8.0)
    thor (0.20.0)
    tilt (1.4.1)
    uglifier (2.4.0)
      execjs (>= 0.3.0)
      json (>= 1.8.0)
    zurb-foundation (4.0.9)
      sass (>= 3.2.0)

PLATFORMS
  ruby

DEPENDENCIES
  builder
  coffee-script
  html5-boilerplate!
  icalendar
  middleman (~> 3.2.0)
  middleman-deploy (~> 1.0)
  nokogiri
  puma (~> 1.6.3)
  pygments.rb
  rack-contrib
  rack-rewrite
  rake (~> 10.0.3)
  rb-inotify (~> 0.9)
  redcarpet
  sass (~> 3.2.5)
  sitemap_generator
  zurb-foundation (~> 4.0.5)

BUNDLED WITH
   1.16.0
